PATH
  remote: .
  specs:
    paperclip-qiniu (0.2.0)
      paperclip
      qiniu (~> 6.9.0)

GEM
  remote: https://rubygems.org/
  specs:
    activemodel (4.2.0)
      activesupport (= 4.2.0)
      builder (~> 3.1)
    activesupport (4.2.0)
      i18n (~> 0.7)
      json (~> 1.7, >= 1.7.7)
      minitest (~> 5.1)
      thread_safe (~> 0.3, >= 0.3.4)
      tzinfo (~> 1.1)
    builder (3.2.2)
    climate_control (0.0.3)
      activesupport (>= 3.0)
    cocaine (0.5.5)
      climate_control (>= 0.0.3, < 1.0)
    diff-lcs (1.2.5)
    i18n (0.7.0)
    json (1.8.2)
    mime-types (3.1)
    minitest (5.5.1)
    netrc (0.10.2)
    paperclip (4.2.1)
      activemodel (>= 3.0.0)
      activesupport (>= 3.0.0)
      cocaine (~> 0.5.3)
      mime-types
    qiniu (6.9.0)
      json (~> 1.7)
      mime-types (~> 3.1)
      rest-client (~> 1.6)
      ruby-hmac (~> 0.4)
    rest-client (1.7.2)
      mime-types (3.1)
      netrc (~> 0.7)
    rspec (3.2.0)
      rspec-core (~> 3.2.0)
      rspec-expectations (~> 3.2.0)
      rspec-mocks (~> 3.2.0)
    rspec-core (3.2.0)
      rspec-support (~> 3.2.0)
    rspec-expectations (3.2.0)
      diff-lcs (>= 1.2.0, < 2.0)
      rspec-support (~> 3.2.0)
    rspec-mocks (3.2.0)
      diff-lcs (>= 1.2.0, < 2.0)
      rspec-support (~> 3.2.0)
    rspec-support (3.2.1)
    ruby-hmac (0.4.0)
    thread_safe (0.3.4)
    tzinfo (1.2.2)
      thread_safe (~> 0.1)

PLATFORMS
  ruby

DEPENDENCIES
  paperclip-qiniu!
  rspec
